GEM
  remote: https://rubygems.org/
  specs:
    actioncable (5.0.6)
      actionpack (= 5.0.6)
      nio4r (>= 1.2, < 3.0)
      websocket-driver (~> 0.6.1)
    actionmailer (5.0.6)
      actionpack (= 5.0.6)
      actionview (= 5.0.6)
      activejob (= 5.0.6)
      mail (~> 2.5, >= 2.5.4)
      rails-dom-testing (~> 2.0)
    actionpack (5.0.6)
      actionview (= 5.0.6)
      activesupport (= 5.0.6)
      rack (~> 2.0)
      rack-test (~> 0.6.3)
      rails-dom-testing (~> 2.0)
      rails-html-sanitizer (~> 1.0, >= 1.0.2)
    actionview (5.0.6)
      activesupport (= 5.0.6)
      builder (~> 3.1)
      erubis (~> 2.7.0)
      rails-dom-testing (~> 2.0)
      rails-html-sanitizer (~> 1.0, >= 1.0.3)
    active_model_serializers (0.10.6)
      actionpack (>= 4.1, < 6)
      activemodel (>= 4.1, < 6)
      case_transform (>= 0.2)
      jsonapi-renderer (>= 0.1.1.beta1, < 0.2)
    activejob (5.0.6)
      activesupport (= 5.0.6)
      globalid (>= 0.3.6)
    activemodel (5.0.6)
      activesupport (= 5.0.6)
    activerecord (5.0.6)
      activemodel (= 5.0.6)
      activesupport (= 5.0.6)
      arel (~> 7.0)
    activesupport (5.0.6)
      concurrent-ruby (~> 1.0, >= 1.0.2)
      i18n (~> 0.7)
      minitest (~> 5.1)
      tzinfo (~> 1.1)
    airbrussh (1.3.0)
      sshkit (>= 1.6.1, != 1.7.0)
    api-pagination (4.6.3)
    arel (7.1.4)
    attr_encrypted (3.0.3)
      encryptor (~> 3.0.0)
    bcrypt (3.1.11)
    builder (3.2.3)
    byebug (9.1.0)
    capistrano (3.10.0)
      airbrussh (>= 1.0.0)
      i18n
      rake (>= 10.0.0)
      sshkit (>= 1.9.0)
    capistrano-bundler (1.3.0)
      capistrano (~> 3.1)
      sshkit (~> 1.2)
    capistrano-rails (1.3.1)
      capistrano (~> 3.1)
      capistrano-bundler (~> 1.1)
    capistrano-rvm (0.1.2)
      capistrano (~> 3.0)
      sshkit (~> 1.2)
    capistrano3-puma (3.1.1)
      capistrano (~> 3.7)
      capistrano-bundler
      puma (~> 3.4)
    case_transform (0.2)
      activesupport
    concurrent-ruby (1.0.5)
    crass (1.0.3)
    devise (4.3.0)
      bcrypt (~> 3.0)
      orm_adapter (~> 0.1)
      railties (>= 4.1.0, < 5.2)
      responders
      warden (~> 1.2.3)
    devise_token_auth (0.1.42)
      devise (> 3.5.2, <= 4.3)
      rails (< 6)
    encryptor (3.0.0)
    erubis (2.7.0)
    faker (1.8.5)
      i18n (~> 0.9.1)
    ffi (1.9.18)
    figaro (1.1.1)
      thor (~> 0.14)
    globalid (0.4.1)
      activesupport (>= 4.2.0)
    hashie (3.5.6)
    i18n (0.9.1)
      concurrent-ruby (~> 1.0)
    jsonapi-renderer (0.1.2)
    kaminari (1.1.1)
      activesupport (>= 4.1.0)
      kaminari-actionview (= 1.1.1)
      kaminari-activerecord (= 1.1.1)
      kaminari-core (= 1.1.1)
    kaminari-actionview (1.1.1)
      actionview
      kaminari-core (= 1.1.1)
    kaminari-activerecord (1.1.1)
      activerecord
      kaminari-core (= 1.1.1)
    kaminari-core (1.1.1)
    listen (3.0.8)
      rb-fsevent (~> 0.9, >= 0.9.4)
      rb-inotify (~> 0.9, >= 0.9.7)
    loofah (2.1.1)
      crass (~> 1.0.2)
      nokogiri (>= 1.5.9)
    mail (2.7.0)
      mini_mime (>= 0.1.1)
    method_source (0.9.0)
    mini_mime (1.0.0)
    mini_portile2 (2.3.0)
    minitest (5.10.3)
    net-scp (1.2.1)
      net-ssh (>= 2.6.5)
    net-ssh (4.2.0)
    nio4r (2.1.0)
    nokogiri (1.8.1)
      mini_portile2 (~> 2.3.0)
    omniauth (1.7.1)
      hashie (>= 3.4.6, < 3.6.0)
      rack (>= 1.6.2, < 3)
    orm_adapter (0.5.0)
    pg (0.21.0)
    polyamorous (1.3.1)
      activerecord (>= 3.0)
    puma (3.11.0)
    rack (2.0.3)
    rack-cors (1.0.2)
    rack-test (0.6.3)
      rack (>= 1.0)
    rails (5.0.6)
      actioncable (= 5.0.6)
      actionmailer (= 5.0.6)
      actionpack (= 5.0.6)
      actionview (= 5.0.6)
      activejob (= 5.0.6)
      activemodel (= 5.0.6)
      activerecord (= 5.0.6)
      activesupport (= 5.0.6)
      bundler (>= 1.3.0)
      railties (= 5.0.6)
      sprockets-rails (>= 2.0.0)
    rails-dom-testing (2.0.3)
      activesupport (>= 4.2.0)
      nokogiri (>= 1.6)
    rails-html-sanitizer (1.0.3)
      loofah (~> 2.0)
    railties (5.0.6)
      actionpack (= 5.0.6)
      activesupport (= 5.0.6)
      method_source
      rake (>= 0.8.7)
      thor (>= 0.18.1, < 2.0)
    rake (12.3.0)
    ransack (1.8.4)
      actionpack (>= 3.0)
      activerecord (>= 3.0)
      activesupport (>= 3.0)
      i18n
      polyamorous (~> 1.3)
    rb-fsevent (0.10.2)
    rb-inotify (0.9.10)
      ffi (>= 0.5.0, < 2)
    redis (3.3.3)
    responders (2.4.0)
      actionpack (>= 4.2.0, < 5.3)
      railties (>= 4.2.0, < 5.3)
    spring (2.0.2)
      activesupport (>= 4.2)
    spring-watcher-listen (2.0.1)
      listen (>= 2.7, < 4.0)
      spring (>= 1.2, < 3.0)
    sprockets (3.7.1)
      concurrent-ruby (~> 1.0)
      rack (> 1, < 3)
    sprockets-rails (3.2.1)
      actionpack (>= 4.0)
      activesupport (>= 4.0)
      sprockets (>= 3.0.0)
    sshkit (1.15.1)
      net-scp (>= 1.1.2)
      net-ssh (>= 2.8.0)
    thor (0.20.0)
    thread_safe (0.3.6)
    tzinfo (1.2.4)
      thread_safe (~> 0.1)
    warden (1.2.7)
      rack (>= 1.0)
    websocket-driver (0.6.5)
      websocket-extensions (>= 0.1.0)
    websocket-extensions (0.1.3)

PLATFORMS
  ruby

DEPENDENCIES
  active_model_serializers (~> 0.10.0)
  api-pagination
  attr_encrypted (~> 3.0.0)
  byebug
  capistrano
  capistrano-bundler
  capistrano-rails
  capistrano-rvm
  capistrano3-puma
  devise
  devise_token_auth
  faker
  figaro
  kaminari
  listen (~> 3.0.5)
  omniauth
  pg (~> 0.18)
  puma (~> 3.0)
  rack-cors
  rails (~> 5.0.5)
  ransack
  redis
  spring
  spring-watcher-listen (~> 2.0.0)
  tzinfo-data

BUNDLED WITH
   1.14.6
